GIT
  remote: https://github.com/cloudamqp/newrelic_plugin.git
  revision: 0bf8a4f5b810fab9c4ec69613e21bee31f375f80
  specs:
    newrelic_plugin (1.3.1)
      json

GEM
  remote: http://rubygems.org/
  specs:
    concurrent-ruby (1.0.5)
    connection_pool (2.2.1)
    daemons (1.2.5)
    json (2.1.0)
    rack (2.0.3)
    rack-protection (2.0.0)
      rack
    redis (4.0.1)
    sidekiq (5.0.5)
      concurrent-ruby (~> 1.0)
      connection_pool (~> 2.2, >= 2.2.0)
      rack-protection (>= 1.5.0)
      redis (>= 3.3.4, < 5)

PLATFORMS
  ruby

DEPENDENCIES
  daemons
  newrelic_plugin!
  redis
  sidekiq

BUNDLED WITH
   1.16.0
